PATH
  remote: .
  specs:
    rails_readonly_injector (0.1.0)

GEM
  remote: https://rubygems.org/
  specs:
    appraisal (2.2.0)
      bundler
      rake
      thor (>= 0.14.0)
    rake (10.5.0)
    thor (0.20.0)

PLATFORMS
  ruby

DEPENDENCIES
  appraisal (~> 2.2.0)
  bundler (~> 1.16)
  rails_readonly_injector!
  rake (~> 10.0)

BUNDLED WITH
   1.16.1
